GEM
  remote: http://rubygems.org/
  specs:
    addressable (2.2.2)
    archive-tar-minitar (0.5.2)
    chronic (0.3.0)
    columnize (0.3.2)
    crack (0.1.8)
    httparty (0.6.1)
      crack (= 0.1.8)
    linecache19 (0.5.11)
      ruby_core_source (>= 0.1.4)
    ruby-debug-base19 (0.11.24)
      columnize (>= 0.3.1)
      linecache19 (>= 0.5.11)
      ruby_core_source (>= 0.1.4)
    ruby-debug19 (0.11.6)
      columnize (>= 0.3.1)
      linecache19 (>= 0.5.11)
      ruby-debug-base19 (>= 0.11.19)
    ruby_core_source (0.1.4)
      archive-tar-minitar (>= 0.5.2)
    webmock (1.6.1)
      addressable (>= 2.2.2)
      crack (>= 0.1.7)

PLATFORMS
  ruby

DEPENDENCIES
  chronic
  httparty
  ruby-debug19
  webmock
